GEM
  remote: https://rubygems.org/
  specs:
    blanket_wrapper (3.0.1)
      httparty
      recursive-open-struct
    byebug (4.0.5)
      columnize (= 0.9.0)
    columnize (0.9.0)
    diff-lcs (1.2.5)
    ffi (1.1.5)
    git (1.2.6)
    httparty (0.13.3)
      json (~> 1.8)
      multi_xml (>= 0.5.2)
    json (1.8.2)
    levenshtein-ffi (1.0.3)
      ffi
      ffi (~> 1.1.5)
    multi_xml (0.5.5)
    rb-readline (0.5.1)
    recursive-open-struct (0.6.3)
    rspec (3.0.0)
      rspec-core (~> 3.0.0)
      rspec-expectations (~> 3.0.0)
      rspec-mocks (~> 3.0.0)
    rspec-core (3.0.4)
      rspec-support (~> 3.0.0)
    rspec-expectations (3.0.4)
      diff-lcs (>= 1.2.0, < 2.0)
      rspec-support (~> 3.0.0)
    rspec-mocks (3.0.4)
      rspec-support (~> 3.0.0)
    rspec-support (3.0.4)

PLATFORMS
  ruby

DEPENDENCIES
  blanket_wrapper
  byebug
  git
  levenshtein-ffi
  rb-readline
  rspec
